PATH
  remote: .
  specs:
    fgt_rest_api (0.1.5)
      httpclient
      netaddr

GEM
  remote: https://rubygems.org/
  specs:
    httpclient (2.8.3)
    netaddr (2.0.3)
    rake (13.0.1)

PLATFORMS
  ruby
  x64-mingw32

DEPENDENCIES
  bundler (~> 1.16)
  fgt_rest_api!
  rake (~> 13.0)

BUNDLED WITH
   1.16.4
