PATH
  remote: .
  specs:
    fgt_rest_api (0.0.7)
      httpclient
      netaddr

GEM
  remote: https://rubygems.org/
  specs:
    httpclient (2.8.3)
    netaddr (1.5.1)
    rake (10.5.0)

PLATFORMS
  x64-mingw32

DEPENDENCIES
  bundler (~> 1.16)
  fgt_rest_api!
  rake (~> 10.0)

BUNDLED WITH
   1.16.0
